GEM
  remote: http://rubygems.org/
  specs:
    activesupport (3.0.3)
    addressable (2.2.4)
    faraday (0.5.4)
      addressable (~> 2.2.2)
      multipart-post (~> 1.1.0)
      rack (>= 1.1.0, < 2)
    faraday_middleware (0.3.1)
      faraday (~> 0.5.3)
    gowalla (0.5.5)
      faraday (~> 0.5.3)
      faraday_middleware (~> 0.3.0)
      hashie (~> 1.0.0)
      oauth2 (~> 0.1.0)
    haml (3.0.18)
    hashie (1.0.0)
    i18n (0.5.0)
    multi_json (0.0.5)
    multipart-post (1.1.0)
    oauth2 (0.1.1)
      faraday (~> 0.5.0)
      multi_json (~> 0.0.4)
    rack (1.2.1)
    sinatra (1.1.2)
      rack (~> 1.1)
      tilt (~> 1.2)
    tilt (1.2.2)

PLATFORMS
  ruby

DEPENDENCIES
  activesupport
  gowalla
  haml
  i18n
  sinatra
